GIT
  remote: git://github.com/campaignmonitor/createsend-ruby.git
  revision: d01b3b3f7f463348a4ca09fa61e668bd9d1ec601
  branch: oauth-support
  specs:
    createsend (2.5.1)
      hashie (~> 1.0)
      httparty (~> 0.10)
      json

GEM
  remote: http://rubygems.org/
  specs:
    faraday (0.8.5)
      multipart-post (~> 1.1)
    hashie (1.2.0)
    httparty (0.10.2)
      multi_json (~> 1.0)
      multi_xml (>= 0.5.2)
    httpauth (0.2.0)
    json (1.7.7)
    jwt (0.1.5)
      multi_json (>= 1.0)
    multi_json (1.6.0)
    multi_xml (0.5.3)
    multipart-post (1.1.5)
    oauth2 (0.8.0)
      faraday (~> 0.8)
      httpauth (~> 0.1)
      jwt (~> 0.1.4)
      multi_json (~> 1.0)
      rack (~> 1.2)
    omniauth (1.1.2)
      hashie (~> 1.2)
      rack
    omniauth-createsend (1.0.0)
      omniauth-oauth2 (~> 1.1)
    omniauth-oauth2 (1.1.1)
      oauth2 (~> 0.8.0)
      omniauth (~> 1.0)
    rack (1.5.2)
    rack-protection (1.3.2)
      rack
    sinatra (1.3.4)
      rack (~> 1.4)
      rack-protection (~> 1.3)
      tilt (~> 1.3, >= 1.3.3)
    tilt (1.3.3)

PLATFORMS
  ruby

DEPENDENCIES
  createsend!
  omniauth-createsend
  sinatra
